GEM
  remote: http://rubygems.org/
  specs:
    cloudfoundry-env (0.0.5)
      hashie
    emk-sinatra-url-for (0.2.1)
      sinatra (>= 0.9.1.1)
    haml (3.1.4)
    hashie (1.2.0)
    json (1.6.6)
    logger (1.2.8)
    rack (1.4.1)
    rack-protection (1.2.0)
      rack
    redis (2.2.2)
    ruby-hmac (0.4.0)
    sinatra (1.3.2)
      rack (~> 1.3, >= 1.3.6)
      rack-protection (~> 1.2)
      tilt (~> 1.3, >= 1.3.3)
    tilt (1.3.3)

PLATFORMS
  ruby

DEPENDENCIES
  cloudfoundry-env (~> 0.0.5)
  emk-sinatra-url-for
  haml
  hashie
  json
  logger
  redis
  ruby-hmac
  sinatra
